GEM
  remote: https://rubygems.org/
  specs:
    chunky_png (1.3.1)
    coderay (1.1.0)
    coffee-script (2.2.0)
      coffee-script-source
      execjs
    coffee-script-source (1.7.0)
    commonjs (0.2.7)
    compass (0.12.6)
      chunky_png (~> 1.2)
      fssm (>= 0.2.7)
      sass (~> 3.2.19)
    execjs (2.2.0)
    ffi (1.9.3)
    formatador (0.2.5)
    fssm (0.2.10)
    guard (1.7.0)
      formatador (>= 0.2.4)
      listen (>= 0.6.0)
      lumberjack (>= 1.0.2)
      pry (>= 0.9.10)
      thor (>= 0.14.6)
    guard-coffeescript (1.4.0)
      coffee-script (>= 2.2.0)
      guard (>= 1.1.0)
    guard-shell (0.6.1)
      guard (>= 1.1.0)
    json (1.8.1)
    less (2.6.0)
      commonjs (~> 0.2.7)
    libnotify (0.8.3)
      ffi (>= 1.0.11)
    listen (0.7.3)
    lumberjack (1.0.6)
    method_source (0.8.2)
    pry (0.9.12.6)
      coderay (~> 1.0)
      method_source (~> 0.8)
      slop (~> 3.4)
    rake (10.3.2)
    rb-fchange (0.0.6)
      ffi
    rb-fsevent (0.9.4)
    rb-inotify (0.8.8)
      ffi (>= 0.5.0)
    ruby_gntp (0.3.4)
    sass (3.2.19)
    slop (3.5.0)
    terminal-notifier-guard (1.5.3)
    thor (0.19.1)

PLATFORMS
  ruby

DEPENDENCIES
  coffee-script
  compass
  guard
  guard-coffeescript
  guard-shell
  json
  less
  libnotify
  rake
  rb-fchange
  rb-fsevent
  rb-inotify (~> 0.8.8)
  ruby_gntp
  sass
  terminal-notifier-guard
